PATH
  remote: .
  specs:
    gatling (0.0.3)
      rmagick

GEM
  remote: http://rubygems.org/
  specs:
    rmagick (2.13.1)

PLATFORMS
  ruby

DEPENDENCIES
  gatling!
